GEM
  remote: https://rubygems.org/
  specs:
    minitest (5.11.3)
    power_assert (1.1.4)
    rake (11.3.0)
    test-unit (3.3.3)
      power_assert

PLATFORMS
  ruby

DEPENDENCIES
  minitest (~> 5.8, >= 5.8.4)!
  rake (~> 11.2, >= 11.2.2)!
  test-unit (~> 3.1, >= 3.1.8)!

BUNDLED WITH
   2.0.1
